GEM
  remote: https://rubygems.org/
  specs:
    bubble-wrap (1.9.6)
    bubble-wrap-http (1.7.1)
    rake (12.3.0)

PLATFORMS
  ruby

DEPENDENCIES
  bubble-wrap (~> 1.9.6)
  bubble-wrap-http
  rake

BUNDLED WITH
   1.16.1
